PATH
  remote: .
  specs:
    harlem_bits (0.0.2)
      colored

GEM
  remote: https://rubygems.org/
  specs:
    colored (1.2)

PLATFORMS
  ruby

DEPENDENCIES
  harlem_bits!
